PATH
  remote: .
  specs:
    hcl-checker (1.1.1)

GEM
  remote: https://rubygems.org/
  specs:
    diff-lcs (1.3)
    filesize (0.1.1)
    jsobfu (0.4.2)
      rkelly-remix
    json (2.0.4)
    metasm (1.0.3)
    mini_portile2 (2.4.0)
    nokogiri (1.10.1)
      mini_portile2 (~> 2.4.0)
    racc (1.4.14)
    rake (10.4.2)
    rb-readline (0.5.5)
    rex (2.0.12)
      filesize (~> 0)
      jsobfu (~> 0)
      json (~> 2)
      metasm (~> 1)
      nokogiri (~> 1)
      rb-readline (~> 0)
    rexical (1.0.5)
    rkelly-remix (0.0.7)
    rspec (3.7.0)
      rspec-core (~> 3.7.0)
      rspec-expectations (~> 3.7.0)
      rspec-mocks (~> 3.7.0)
    rspec-core (3.7.1)
      rspec-support (~> 3.7.0)
    rspec-expectations (3.7.0)
      diff-lcs (>= 1.2.0, < 2.0)
      rspec-support (~> 3.7.0)
    rspec-mocks (3.7.0)
      diff-lcs (>= 1.2.0, < 2.0)
      rspec-support (~> 3.7.0)
    rspec-support (3.7.0)

PLATFORMS
  ruby

DEPENDENCIES
  bundler (~> 1.16)
  hcl-checker!
  nokogiri (>= 1.8.5)
  racc (= 1.4.14)
  rake (~> 10.0)
  rex (= 2.0.12)
  rexical (= 1.0.5)
  rspec (~> 3.0)

BUNDLED WITH
   1.16.2
